GIT
  remote: https://github.com/dmrschmidt/ios-toolchain.git
  revision: 1465f3026514c52fb508beaefc5b6aaa464f2408
  specs:
    ios_toolchain (0.3.2)
      rake (~> 12.0)
      xcodeproj (~> 1.4)
      xcpretty (~> 0.2)

GEM
  remote: https://rubygems.org/
  specs:
    CFPropertyList (3.0.3)
    atomos (0.1.3)
    claide (1.0.3)
    colored2 (3.1.2)
    nanaimo (0.3.0)
    rake (12.3.3)
    rouge (2.0.7)
    xcodeproj (1.19.0)
      CFPropertyList (>= 2.3.3, < 4.0)
      atomos (~> 0.1.3)
      claide (>= 1.0.2, < 2.0)
      colored2 (~> 3.1)
      nanaimo (~> 0.3.0)
    xcpretty (0.3.0)
      rouge (~> 2.0.7)

PLATFORMS
  ruby

DEPENDENCIES
  ios_toolchain!

BUNDLED WITH
   1.17.2
